GEM
  remote: http://rubygems.org/
  specs:
    addressable (2.3.2)
    em-websocket (0.3.8)
      addressable (>= 2.1.1)
      eventmachine (>= 0.12.9)
    eventmachine (1.0.0)
    ffi (1.2.0)
    guard (1.0.3)
      ffi (>= 0.5.0)
      thor (>= 0.14.6)
    guard-livereload (0.4.2)
      em-websocket (>= 0.2.0)
      guard (>= 0.10.0)
      multi_json (~> 1.0)
    guard-webrick (0.1.2)
      guard (~> 1.0.2)
      launchy (~> 2.1.0)
      spoon (~> 0.0.1)
    launchy (2.1.2)
      addressable (~> 2.3)
    multi_json (1.4.0)
    rb-fchange (0.0.6)
      ffi
    rb-fsevent (0.9.2)
    rb-inotify (0.8.8)
      ffi (>= 0.5.0)
    spoon (0.0.1)
    thor (0.16.0)

PLATFORMS
  ruby

DEPENDENCIES
  guard
  guard-livereload
  guard-webrick
  rb-fchange
  rb-fsevent
  rb-inotify
